GIT
  remote: git://github.com/rdp/ruby-prof.git
  revision: 3dd842a5cc6cd58668c0c2308bb7a8942145a970
  specs:

PATH
  remote: .
  specs:
    dwarf (0.0.4)
      rubytree (>= 0.8.1)

GEM
  remote: http://rubygems.org/
  specs:
    diff-lcs (1.1.2)
    faker (0.3.1)
    fuubar (0.0.3)
      rspec (~> 2.0)
      rspec-instafail (~> 0.1.4)
      ruby-progressbar (~> 0.0.9)
    rspec (2.0.1)
      rspec-core (~> 2.0.1)
      rspec-expectations (~> 2.0.1)
      rspec-mocks (~> 2.0.1)
    rspec-core (2.0.1)
    rspec-expectations (2.0.1)
      diff-lcs (>= 1.1.2)
    rspec-instafail (0.1.5)
    rspec-mocks (2.0.1)
      rspec-core (~> 2.0.1)
      rspec-expectations (~> 2.0.1)
    ruby-progressbar (0.0.9)
    rubytree (0.8.1)
    watchr (0.7)

PLATFORMS
  ruby

DEPENDENCIES
  bundler (>= 1.0.0)
  dwarf!
  faker (>= 0.3.1)
  fuubar (>= 0.0.2)
  rspec (>= 2.0.1)
  watchr (>= 0.7)
