PATH
  remote: .
  specs:
    dwarf (0.0.4)
      rubytree (>= 0.8.1)

GEM
  remote: http://rubygems.org/
  specs:
    diff-lcs (1.1.2)
    faker (0.3.1)
    rspec (2.0.1)
      rspec-core (~> 2.0.1)
      rspec-expectations (~> 2.0.1)
      rspec-mocks (~> 2.0.1)
    rspec-core (2.0.1)
    rspec-expectations (2.0.1)
      diff-lcs (>= 1.1.2)
    rspec-mocks (2.0.1)
      rspec-core (~> 2.0.1)
      rspec-expectations (~> 2.0.1)
    rubytree (0.8.1)
    watchr (0.7)

PLATFORMS
  ruby

DEPENDENCIES
  bundler (>= 1.0.0)
  dwarf!
  faker (>= 0.3.1)
  rspec (>= 2.0.1)
  rubytree (>= 0.8.1)
  watchr (>= 0.7)
